GEM
  remote: https://rubygems.org/
  specs:
    mini_portile2 (2.4.0)
    nokogiri (1.10.1)
      mini_portile2 (~> 2.4.0)
    rubyXL (3.4.1)
      nokogiri (>= 1.4.4)
      rubyzip (>= 1.1.6)
    rubyzip (1.2.2)

PLATFORMS
  ruby

DEPENDENCIES
  rubyXL

BUNDLED WITH
   1.16.1
