GEM
  remote: https://rubygems.org/
  specs:
    mini_portile2 (2.4.0)
    nokogiri (1.10.9)
      mini_portile2 (~> 2.4.0)
    rubyXL (3.4.14)
      nokogiri (>= 1.10.8)
      rubyzip (>= 1.3.0)
    rubyzip (2.3.0)

PLATFORMS
  ruby

DEPENDENCIES
  rubyXL

BUNDLED WITH
   1.17.2
